GEM
  remote: http://rubygems.org/
  specs:
    haml (4.0.5)
      tilt
    rack (1.5.2)
    rack-protection (1.5.2)
      rack
    sinatra (1.4.5)
      rack (~> 1.4)
      rack-protection (~> 1.4)
      tilt (~> 1.3, >= 1.3.4)
    sinatra-logger (0.1.1)
      sinatra (>= 1.0)
    tilt (1.4.1)

PLATFORMS
  ruby

DEPENDENCIES
  haml (= 4.0.5)
  sinatra (= 1.4.5)
  sinatra-logger
